GIT
  remote: git@scm.digitalnz.org:harvester/core
  revision: cbc54acd5db7191da817a21b8fc9ff6bf9b892cd
  specs:
    harvester_core (0.0.1)
      actionpack (~> 3.2)
      activesupport (~> 3.2)
      chronic (~> 0.8.0)
      dimensions
      json (~> 1.7.7)
      jsonpath (~> 0.5.0)
      mimemagic
      mongoid (~> 3.1.3)
      nokogiri
      redis (~> 3)
      rest-client (~> 1.6.7)
      tzinfo

GIT
  remote: https://github.com/code4lib/ruby-oai.git
  revision: d57a23250774751b8bb3484012c9e11162462cb2
  specs:
    oai (0.3.0)
      builder (>= 2.0.0)
      faraday
      faraday_middleware

GIT
  remote: https://github.com/rails-api/active_model_serializers.git
  revision: 8ac4bf90067eef442a6208848f86e55892d724f1
  specs:
    active_model_serializers (0.8.1)
      activemodel (>= 3.2)

GEM
  remote: https://rubygems.org/
  specs:
    actionmailer (3.2.12)
      actionpack (= 3.2.12)
      mail (~> 2.4.4)
    actionpack (3.2.12)
      activemodel (= 3.2.12)
      activesupport (= 3.2.12)
      builder (~> 3.0.0)
      erubis (~> 2.7.0)
      journey (~> 1.0.4)
      rack (~> 1.4.5)
      rack-cache (~> 1.2)
      rack-test (~> 0.6.1)
      sprockets (~> 2.2.1)
    activemodel (3.2.12)
      activesupport (= 3.2.12)
      builder (~> 3.0.0)
    activerecord (3.2.12)
      activemodel (= 3.2.12)
      activesupport (= 3.2.12)
      arel (~> 3.0.2)
      tzinfo (~> 0.3.29)
    activeresource (3.2.12)
      activemodel (= 3.2.12)
      activesupport (= 3.2.12)
    activesupport (3.2.12)
      i18n (~> 0.6)
      multi_json (~> 1.0)
    arel (3.0.2)
    bcrypt-ruby (3.1.1)
    better_errors (0.9.0)
      coderay (>= 1.0.0)
      erubis (>= 2.6.6)
    builder (3.0.4)
    capybara (2.1.0)
      mime-types (>= 1.16)
      nokogiri (>= 1.3.3)
      rack (>= 1.0.0)
      rack-test (>= 0.5.4)
      xpath (~> 2.0)
    celluloid (0.14.1)
      timers (>= 1.0.0)
    chronic (0.8.0)
    coderay (1.0.9)
    coffee-rails (3.2.2)
      coffee-script (>= 2.2.0)
      railties (~> 3.2.0)
    coffee-script (2.2.0)
      coffee-script-source
      execjs
    coffee-script-source (1.6.3)
    connection_pool (1.1.0)
    cucumber (1.3.6)
      builder (>= 2.1.2)
      diff-lcs (>= 1.1.3)
      gherkin (~> 2.12.0)
      multi_json (~> 1.7.5)
      multi_test (>= 0.0.2)
    cucumber-rails (1.3.1)
      capybara (>= 1.1.2)
      cucumber (>= 1.2.0)
      nokogiri (>= 1.5.0)
      rails (~> 3.0)
    daemons (1.1.9)
    database_cleaner (1.1.1)
    devise (3.0.2)
      bcrypt-ruby (~> 3.0)
      orm_adapter (~> 0.1)
      railties (>= 3.2.6, < 5)
      warden (~> 1.2.3)
    diff-lcs (1.2.4)
    dimensions (1.2.0)
    erubis (2.7.0)
    eventmachine (1.0.3)
    execjs (1.4.0)
      multi_json (~> 1.0)
    factory_girl (4.2.0)
      activesupport (>= 3.0.0)
    factory_girl_rails (4.2.1)
      factory_girl (~> 4.2.0)
      railties (>= 3.0.0)
    faraday (0.8.8)
      multipart-post (~> 1.2.0)
    faraday_middleware (0.9.0)
      faraday (>= 0.7.4, < 0.9)
    ffi (1.9.0)
    figaro (0.7.0)
      bundler (~> 1.0)
      rails (>= 3, < 5)
    formatador (0.2.4)
    gherkin (2.12.1)
      multi_json (~> 1.3)
    guard (1.8.2)
      formatador (>= 0.2.4)
      listen (>= 1.0.0)
      lumberjack (>= 1.0.2)
      pry (>= 0.9.10)
      thor (>= 0.14.6)
    guard-rspec (3.0.2)
      guard (>= 1.8)
      rspec (~> 2.13)
    hike (1.2.3)
    honeybadger (1.7.0)
      json
    i18n (0.6.5)
    journey (1.0.4)
    jquery-rails (3.0.4)
      railties (>= 3.0, < 5.0)
      thor (>= 0.14, < 2.0)
    json (1.7.7)
    jsonpath (0.5.4)
      multi_json
    kaminari (0.14.1)
      actionpack (>= 3.0.0)
      activesupport (>= 3.0.0)
    libv8 (3.11.8.17)
    listen (1.2.3)
      rb-fsevent (>= 0.9.3)
      rb-inotify (>= 0.9)
      rb-kqueue (>= 0.2)
    lumberjack (1.0.4)
    mail (2.4.4)
      i18n (>= 0.4.0)
      mime-types (~> 1.16)
      treetop (~> 1.4.8)
    method_source (0.8.2)
    mime-types (1.24)
    mimemagic (0.2.1)
    mini_portile (0.5.1)
    mongoid (3.1.4)
      activemodel (~> 3.2)
      moped (~> 1.4)
      origin (~> 1.0)
      tzinfo (~> 0.3.22)
    moped (1.5.1)
    multi_json (1.7.9)
    multi_test (0.0.2)
    multipart-post (1.2.0)
    nokogiri (1.6.0)
      mini_portile (~> 0.5.0)
    origin (1.1.0)
    orm_adapter (0.4.0)
    parse-cron (0.1.2)
    polyglot (0.3.3)
    pry (0.9.12.2)
      coderay (~> 1.0.5)
      method_source (~> 0.8)
      slop (~> 3.4)
    pry-rails (0.3.2)
      pry (>= 0.9.10)
    quiet_assets (1.0.2)
      railties (>= 3.1, < 5.0)
    rack (1.4.5)
    rack-cache (1.2)
      rack (>= 0.4)
    rack-protection (1.5.0)
      rack
    rack-ssl (1.3.3)
      rack
    rack-test (0.6.2)
      rack (>= 1.0)
    rails (3.2.12)
      actionmailer (= 3.2.12)
      actionpack (= 3.2.12)
      activerecord (= 3.2.12)
      activeresource (= 3.2.12)
      activesupport (= 3.2.12)
      bundler (~> 1.0)
      railties (= 3.2.12)
    railties (3.2.12)
      actionpack (= 3.2.12)
      activesupport (= 3.2.12)
      rack-ssl (~> 1.3.2)
      rake (>= 0.8.7)
      rdoc (~> 3.4)
      thor (>= 0.14.6, < 2.0)
    rake (10.1.0)
    rb-fsevent (0.9.3)
    rb-inotify (0.9.1)
      ffi (>= 0.5.0)
    rb-kqueue (0.2.0)
      ffi (>= 0.5.0)
    rdoc (3.12.2)
      json (~> 1.4)
    redis (3.0.4)
    redis-namespace (1.3.1)
      redis (~> 3.0.0)
    ref (1.0.5)
    rest-client (1.6.7)
      mime-types (>= 1.16)
    rspec (2.14.1)
      rspec-core (~> 2.14.0)
      rspec-expectations (~> 2.14.0)
      rspec-mocks (~> 2.14.0)
    rspec-core (2.14.4)
    rspec-expectations (2.14.1)
      diff-lcs (>= 1.1.3, < 2.0)
    rspec-mocks (2.14.3)
    rspec-rails (2.14.0)
      actionpack (>= 3.0)
      activesupport (>= 3.0)
      railties (>= 3.0)
      rspec-core (~> 2.14.0)
      rspec-expectations (~> 2.14.0)
      rspec-mocks (~> 2.14.0)
    rspec-sidekiq (0.4.0)
      rspec (~> 2.0)
      sidekiq (>= 2.4.0)
    sass (3.2.10)
    sass-rails (3.2.6)
      railties (~> 3.2.0)
      sass (>= 3.1.10)
      tilt (~> 1.3)
    sidekiq (2.13.1)
      celluloid (>= 0.14.1)
      connection_pool (>= 1.0.0)
      json
      redis (>= 3.0)
      redis-namespace
    sinatra (1.4.3)
      rack (~> 1.4)
      rack-protection (~> 1.4)
      tilt (~> 1.3, >= 1.3.4)
    slim (2.0.1)
      temple (~> 0.6.6)
      tilt (>= 1.3.3, < 2.1)
    slop (3.4.6)
    sprockets (2.2.2)
      hike (~> 1.2)
      multi_json (~> 1.0)
      rack (~> 1.0)
      tilt (~> 1.1, != 1.3.0)
    strong_parameters (0.2.1)
      actionpack (~> 3.0)
      activemodel (~> 3.0)
      railties (~> 3.0)
    temple (0.6.6)
    therubyracer (0.11.4)
      libv8 (~> 3.11.8.12)
      ref
    thin (1.5.1)
      daemons (>= 1.0.9)
      eventmachine (>= 0.12.6)
      rack (>= 1.0.0)
    thor (0.18.1)
    tilt (1.4.1)
    timecop (0.6.3)
    timers (1.1.0)
    treetop (1.4.14)
      polyglot
      polyglot (>= 0.3.1)
    tzinfo (0.3.37)
    uglifier (2.1.2)
      execjs (>= 0.3.0)
      multi_json (~> 1.0, >= 1.0.2)
    warden (1.2.3)
      rack (>= 1.0)
    whenever (0.8.4)
      activesupport (>= 2.3.4)
      chronic (>= 0.6.3)
    xpath (2.0.0)
      nokogiri (~> 1.3)

PLATFORMS
  ruby

DEPENDENCIES
  active_model_serializers!
  activeresource
  better_errors (>= 0.2.0)
  coffee-rails (~> 3.2.1)
  cucumber-rails (>= 1.3.0)
  database_cleaner (>= 0.9.1)
  devise (>= 2.1.2)
  factory_girl_rails (>= 4.1.0)
  figaro (>= 0.5.0)
  guard-rspec
  harvester_core!
  honeybadger
  jquery-rails
  kaminari (~> 0.14.1)
  mongoid (~> 3.1.3)
  oai!
  parse-cron
  pry-rails
  quiet_assets (>= 1.0.1)
  rails (= 3.2.12)
  rb-fsevent (~> 0.9.1)
  rspec-rails (~> 2.14.0)
  rspec-sidekiq
  sass-rails (~> 3.2.3)
  sidekiq
  sinatra
  slim
  strong_parameters
  therubyracer
  thin (>= 1.5.0)
  timecop
  uglifier (>= 1.0.3)
  whenever
